GEM
  remote: https://rubygems.org/
  specs:
    RedCloth (4.3.2)
    arrayfields (4.9.2)
    facets (2.7.0)
    fattr (2.4.0)
    highline (1.5.1)
    hoe (4.0.5)
      rake (>= 0.8, < 15.0)
    json_pure (2.6.3)
    main (4.2.0)
      arrayfields (>= 4.7.4)
      fattr (>= 2.1.0)
    rake (13.0.6)
    rspec (1.1.11)
    ruby-prof (1.6.3)
    rubyforge (2.0.4)
      json_pure (>= 1.1.7)
    syck (1.4.1)
    test-unit (1.2.3)
      hoe (>= 1.5.1)
    yard (0.9.34)

PLATFORMS
  x86_64-linux

DEPENDENCIES
  RedCloth
  bundler
  facets (= 2.7.0)
  highline (= 1.5.1)
  main (= 4.2.0)
  rake
  rspec (= 1.1.11)
  ruby-prof
  rubyforge (= 2.0.4)
  syck
  test-unit (~> 1.2)
  yard

BUNDLED WITH
   2.3.12
